NUGET
  remote: https://nuget.org/api/v2
  specs:
    FAKE (3.36.0)
    FSharp.Actor-logary (3.3.3)
      FSharp.Core (>= 3.1.2.1)
    FSharp.Compiler.Service (1.3.1.0)
    FSharp.Core (3.1.2.5)
    FSharp.Formatting (2.9.10)
      FSharp.Compiler.Service (>= 0.0.87)
      FSharpVSPowerTools.Core (1.8.0)
    FSharp.Management (0.2.1)
    FSharpVSPowerTools.Core (1.8.0)
      FSharp.Compiler.Service (>= 0.0.87)
    Logary (3.3.3)
      FSharp.Actor-logary (>= 3.3.3)
      FSharp.Core (>= 3.1.2.1)
      Newtonsoft.Json (>= 6.0.8)
      Newtonsoft.Json.FSharp (>= 3.2.2)
      NodaTime (>= 1.3.1)
      NodaTime.Serialization.JsonNet (>= 1.3.1)
    Microsoft.Bcl (1.1.10)
      Microsoft.Bcl.Build (>= 1.0.14)
    Microsoft.Bcl.Build (1.0.21)
    Microsoft.Net.Http (2.2.29)
      Microsoft.Bcl (>= 1.1.10)
      Microsoft.Bcl.Build (>= 1.0.14)
    Microsoft.VisualBasic (10.0.0)
      System.Collections (>= 4.0.10)
      System.Diagnostics.Debug (>= 4.0.10)
      System.Dynamic.Runtime (>= 4.0.10)
      System.Globalization (>= 4.0.10)
      System.Linq (>= 4.0.0)
      System.Linq.Expressions (>= 4.0.10)
      System.ObjectModel (>= 4.0.10)
      System.Reflection (>= 4.0.10)
      System.Reflection.Extensions (>= 4.0.0)
      System.Reflection.Primitives (>= 4.0.0)
      System.Reflection.TypeExtensions (>= 4.0.0)
      System.Resources.ResourceManager (>= 4.0.0)
      System.Runtime (>= 4.0.20)
      System.Runtime.Extensions (>= 4.0.10)
      System.Runtime.InteropServices (>= 4.0.20)
      System.Threading (>= 4.0.10)
    Newtonsoft.Json (7.0.1)
    Newtonsoft.Json.FSharp (3.2.2)
      FSharp.Core (>= 3.1.2.1)
      Newtonsoft.Json (>= 6.0.8)
      NodaTime (>= 1.3.0)
    NodaTime (1.3.1)
    NodaTime.Serialization.JsonNet (1.3.1)
      Newtonsoft.Json (>= 4.5.11)
      NodaTime (>= 1.3.0)
    NUnit (2.6.4)
    NUnit.Runners (2.6.4)
    Octokit (0.14.0)
      Microsoft.Net.Http
    SourceLink.Fake (1.0.0)
    System.Collections (4.0.10)
      System.Diagnostics.Debug (>= 4.0.0) - framework: dnxcore50
      System.Resources.ResourceManager (>= 4.0.0) - framework: dnxcore50
      System.Runtime (>= 4.0.0)
      System.Runtime (>= 4.0.20) - framework: dnxcore50
      System.Runtime.Extensions (>= 4.0.0) - framework: dnxcore50
      System.Threading (>= 4.0.0) - framework: dnxcore50
    System.Diagnostics.Contracts (4.0.0) - framework: dnxcore50
      System.Runtime (>= 4.0.0)
    System.Diagnostics.Debug (4.0.10)
      System.Runtime (>= 4.0.0)
    System.Dynamic.Runtime (4.0.10)
      System.Collections (>= 4.0.0) - framework: dnxcore50
      System.Diagnostics.Debug (>= 4.0.0) - framework: dnxcore50
      System.Globalization (>= 4.0.0) - framework: dnxcore50
      System.Linq (>= 4.0.0) - framework: dnxcore50
      System.Linq.Expressions (>= 4.0.10)
      System.ObjectModel (>= 4.0.0)
      System.Reflection (>= 4.0.0)
      System.Reflection.Emit (>= 4.0.0) - framework: dnxcore50
      System.Reflection.Primitives (>= 4.0.0) - framework: dnxcore50
      System.Reflection.TypeExtensions (>= 4.0.0) - framework: dnxcore50
      System.Resources.ResourceManager (>= 4.0.0) - framework: dnxcore50
      System.Runtime (>= 4.0.20)
      System.Runtime.Extensions (>= 4.0.0) - framework: dnxcore50
      System.Threading (>= 4.0.0) - framework: dnxcore50
    System.Globalization (4.0.10)
      System.Runtime (>= 4.0.0)
    System.IO (4.0.10) - framework: dnxcore50
      System.Globalization (>= 4.0.0) - framework: dnxcore50
      System.Runtime (>= 4.0.20)
      System.Text.Encoding (>= 4.0.0)
      System.Text.Encoding (>= 4.0.10) - framework: dnxcore50
      System.Text.Encoding.Extensions (>= 4.0.0) - framework: dnxcore50
      System.Threading (>= 4.0.0) - framework: dnxcore50
      System.Threading.Tasks (>= 4.0.0)
    System.Linq (4.0.0)
      System.Collections (>= 4.0.10)
      System.Diagnostics.Debug (>= 4.0.10)
      System.Resources.ResourceManager (>= 4.0.0)
      System.Runtime (>= 4.0.20)
      System.Runtime.Extensions (>= 4.0.10)
    System.Linq.Expressions (4.0.10)
      System.Collections (>= 4.0.0) - framework: dnxcore50
      System.Diagnostics.Debug (>= 4.0.0) - framework: dnxcore50
      System.Globalization (>= 4.0.0) - framework: dnxcore50
      System.IO (>= 4.0.0) - framework: dnxcore50
      System.Linq (>= 4.0.0) - framework: dnxcore50
      System.ObjectModel (>= 4.0.0) - framework: dnxcore50
      System.Reflection (>= 4.0.0)
      System.Reflection.Emit (>= 4.0.0) - framework: dnxcore50
      System.Reflection.Extensions (>= 4.0.0) - framework: dnxcore50
      System.Reflection.Primitives (>= 4.0.0) - framework: dnxcore50
      System.Reflection.TypeExtensions (>= 4.0.0) - framework: dnxcore50
      System.Resources.ResourceManager (>= 4.0.0) - framework: dnxcore50
      System.Runtime (>= 4.0.0)
      System.Runtime (>= 4.0.20) - framework: dnxcore50
      System.Runtime.Extensions (>= 4.0.0) - framework: dnxcore50
      System.Threading (>= 4.0.0) - framework: dnxcore50
    System.ObjectModel (4.0.10)
      System.Collections (>= 4.0.10)
      System.Diagnostics.Debug (>= 4.0.10)
      System.Resources.ResourceManager (>= 4.0.0)
      System.Runtime (>= 4.0.20)
      System.Threading (>= 4.0.10)
    System.Private.Uri (4.0.0) - framework: dnxcore50
    System.Reflection (4.0.10)
      System.IO (>= 4.0.0)
      System.Reflection.Primitives (>= 4.0.0)
      System.Runtime (>= 4.0.20)
    System.Reflection.Emit (4.0.0) - framework: dnxcore50
      System.IO (>= 4.0.0)
      System.Reflection (>= 4.0.0)
      System.Reflection.Emit.ILGeneration (>= 4.0.0)
      System.Reflection.Primitives (>= 4.0.0)
      System.Runtime (>= 4.0.0)
    System.Reflection.Emit.ILGeneration (4.0.0)
      System.Reflection (>= 4.0.0)
      System.Reflection.Primitives (>= 4.0.0)
      System.Runtime (>= 4.0.0)
    System.Reflection.Extensions (4.0.0)
      System.Diagnostics.Debug (>= 4.0.10) - framework: dnxcore50
      System.Reflection (>= 4.0.0)
      System.Reflection (>= 4.0.10) - framework: dnxcore50
      System.Reflection.Primitives (>= 4.0.0) - framework: dnxcore50
      System.Reflection.TypeExtensions (>= 4.0.0) - framework: dnxcore50
      System.Resources.ResourceManager (>= 4.0.0) - framework: dnxcore50
      System.Runtime (>= 4.0.0)
      System.Runtime (>= 4.0.20) - framework: dnxcore50
      System.Runtime.Extensions (>= 4.0.10) - framework: dnxcore50
    System.Reflection.Primitives (4.0.0)
      System.Runtime (>= 4.0.0)
      System.Threading (>= 4.0.0) - framework: dnxcore50
    System.Reflection.TypeExtensions (4.0.0)
      System.Diagnostics.Contracts (>= 4.0.0) - framework: dnxcore50
      System.Diagnostics.Debug (>= 4.0.10) - framework: dnxcore50
      System.Linq (>= 4.0.0) - framework: dnxcore50
      System.Reflection (>= 4.0.0)
      System.Reflection (>= 4.0.10) - framework: dnxcore50
      System.Reflection.Primitives (>= 4.0.0) - framework: dnxcore50
      System.Resources.ResourceManager (>= 4.0.0) - framework: dnxcore50
      System.Runtime (>= 4.0.0)
      System.Runtime (>= 4.0.20) - framework: dnxcore50
      System.Runtime.Extensions (>= 4.0.10) - framework: dnxcore50
    System.Resources.ResourceManager (4.0.0)
      System.Globalization (>= 4.0.0)
      System.Reflection (>= 4.0.0)
      System.Reflection (>= 4.0.10) - framework: dnxcore50
      System.Runtime (>= 4.0.0)
      System.Runtime (>= 4.0.20) - framework: dnxcore50
    System.Runtime (4.0.20)
      System.Private.Uri (>= 4.0.0) - framework: dnxcore50
    System.Runtime.Extensions (4.0.10)
      System.Runtime (>= 4.0.20)
    System.Runtime.Handles (4.0.0)
      System.Runtime (>= 4.0.0)
    System.Runtime.InteropServices (4.0.20)
      System.Reflection (>= 4.0.0)
      System.Reflection.Primitives (>= 4.0.0)
      System.Runtime (>= 4.0.0)
      System.Runtime.Handles (>= 4.0.0)
    System.Text.Encoding (4.0.10) - framework: dnxcore50
      System.Runtime (>= 4.0.0)
    System.Text.Encoding.Extensions (4.0.10) - framework: dnxcore50
      System.Runtime (>= 4.0.0)
      System.Text.Encoding (>= 4.0.10)
    System.Threading (4.0.10)
      System.Runtime (>= 4.0.0)
      System.Threading.Tasks (>= 4.0.0)
    System.Threading.Tasks (4.0.10)
      System.Runtime (>= 4.0.0)
    UnionArgParser (0.8.7)
    Unquote (3.0.0)
    xunit (2.0.0)
      xunit.assert (2.0.0)
      xunit.core (2.0.0)
    xunit.abstractions (2.0.0)
    xunit.assert (2.0.0)
    xunit.core (2.0.0)
      xunit.extensibility.core (2.0.0)
    xunit.extensibility.core (2.0.0)
      xunit.abstractions (2.0.0)
    xunit.runner.console (2.0.0)
    xunit.runner.visualstudio (2.0.1)
GITHUB
  remote: fsharp/FAKE
  specs:
    modules/Octokit/Octokit.fsx (a1f4a9e19ba5745ca7b8a3b6a0382ee70d692f26)
      Octokit