NUGET
  remote: https://www.nuget.org/api/v2
  specs:
    Elasticsearch.Net (1.8)
    FAKE (4.26)
    FSharp.Compiler.Service (2.0.0.6)
    FSharp.Data (2.3)
      Zlib.Portable (>= 1.11) - framework: >= net45, portable-net45+sl5+win8, portable-net45+win8, portable-net45+win8+wp8+wpa81
    FSharp.Formatting (2.14.2)
      FSharp.Compiler.Service (2.0.0.6)
      FSharpVSPowerTools.Core (>= 2.3 < 2.4)
    FSharp.Management (0.4.1)
    FSharpVSPowerTools.Core (2.3)
      FSharp.Compiler.Service (>= 2.0.0.3)
    Microsoft.Bcl (1.1.10) - framework: net10, net11, net20, net30, net35, net40, net40-full
      Microsoft.Bcl.Build (>= 1.0.14)
    Microsoft.Bcl.Build (1.0.21) - import_targets: false, framework: net10, net11, net20, net30, net35, net40, net40-full
    Microsoft.Net.Http (2.2.29) - framework: net10, net11, net20, net30, net35, net40, net40-full
      Microsoft.Bcl (>= 1.1.10)
      Microsoft.Bcl.Build (>= 1.0.14)
    Microsoft.VisualBasic (10.0)
      System.Collections (>= 4.0.10) - framework: dnxcore50
      System.Diagnostics.Debug (>= 4.0.10) - framework: dnxcore50
      System.Dynamic.Runtime (>= 4.0.10) - framework: dnxcore50
      System.Globalization (>= 4.0.10) - framework: dnxcore50
      System.Linq (>= 4.0) - framework: dnxcore50
      System.Linq.Expressions (>= 4.0.10) - framework: dnxcore50
      System.ObjectModel (>= 4.0.10) - framework: dnxcore50
      System.Reflection (>= 4.0.10) - framework: dnxcore50
      System.Reflection.Extensions (>= 4.0) - framework: dnxcore50
      System.Reflection.Primitives (>= 4.0) - framework: dnxcore50
      System.Reflection.TypeExtensions (>= 4.0) - framework: dnxcore50
      System.Resources.ResourceManager (>= 4.0) - framework: dnxcore50
      System.Runtime (>= 4.0.20) - framework: dnxcore50
      System.Runtime.Extensions (>= 4.0.10) - framework: dnxcore50
      System.Runtime.InteropServices (>= 4.0.20) - framework: dnxcore50
      System.Threading (>= 4.0.10) - framework: dnxcore50
    NEST (1.8)
      Elasticsearch.Net (>= 1.8 < 2.0)
      Newtonsoft.Json (>= 8.0 < 9.0)
    Newtonsoft.Json (8.0.3)
    NuGet.CommandLine (3.4.3)
    NUnit (3.2.1)
    NUnit.ConsoleRunner (3.2.1)
    NUnit.Extension.NUnitProjectLoader (3.2.1)
    NUnit.Extension.NUnitV2Driver (3.2.1)
    NUnit.Extension.NUnitV2ResultWriter (3.2.1)
    NUnit.Extension.VSProjectLoader (3.2.1)
    NUnit.Runners (3.2.1)
      NUnit.ConsoleRunner (3.2.1)
      NUnit.Extension.NUnitProjectLoader (3.2.1)
      NUnit.Extension.NUnitV2Driver (3.2.1)
      NUnit.Extension.NUnitV2ResultWriter (3.2.1)
      NUnit.Extension.VSProjectLoader (3.2.1)
    Octokit (0.19)
      Microsoft.Net.Http
    OctopusTools (3.3.14)
    Serilog (1.5.14)
    Serilog.Exceptions (1.1)
      Serilog (>= 1.5.14) - framework: net40, net45, net451, net452, >= net46
    Serilog.Sinks.ElasticSearch (2.0.80)
      Elasticsearch.Net (>= 1.7.1)
      Serilog (>= 1.5.14 < 2.0)
    Serilog.Sinks.Email (1.5.37)
      Serilog (>= 1.5.11 < 2.0)
    SourceLink.Fake (1.1)
    System.Collections (4.0.10) - framework: dnxcore50
      System.Diagnostics.Debug (>= 4.0) - framework: dnxcore50
      System.Resources.ResourceManager (>= 4.0) - framework: dnxcore50
      System.Runtime (>= 4.0) - framework: dnxcore50
      System.Runtime (>= 4.0.20) - framework: dnxcore50
      System.Runtime.Extensions (>= 4.0) - framework: dnxcore50
      System.Threading (>= 4.0) - framework: dnxcore50
    System.Diagnostics.Contracts (4.0) - framework: dnxcore50
      System.Runtime (>= 4.0) - framework: dnxcore50
    System.Diagnostics.Debug (4.0.10) - framework: dnxcore50
      System.Runtime (>= 4.0) - framework: dnxcore50
    System.Dynamic.Runtime (4.0.10) - framework: dnxcore50
      System.Collections (>= 4.0) - framework: dnxcore50
      System.Diagnostics.Debug (>= 4.0) - framework: dnxcore50
      System.Globalization (>= 4.0) - framework: dnxcore50
      System.Linq (>= 4.0) - framework: dnxcore50
      System.Linq.Expressions (>= 4.0.10) - framework: dnxcore50
      System.ObjectModel (>= 4.0) - framework: dnxcore50
      System.Reflection (>= 4.0) - framework: dnxcore50
      System.Reflection.Emit (>= 4.0) - framework: dnxcore50
      System.Reflection.Primitives (>= 4.0) - framework: dnxcore50
      System.Reflection.TypeExtensions (>= 4.0) - framework: dnxcore50
      System.Resources.ResourceManager (>= 4.0) - framework: dnxcore50
      System.Runtime (>= 4.0.20) - framework: dnxcore50
      System.Runtime.Extensions (>= 4.0) - framework: dnxcore50
      System.Threading (>= 4.0) - framework: dnxcore50
    System.Globalization (4.0.10) - framework: dnxcore50
      System.Runtime (>= 4.0) - framework: dnxcore50
    System.IO (4.0.10) - framework: dnxcore50
      System.Globalization (>= 4.0) - framework: dnxcore50
      System.Runtime (>= 4.0.20) - framework: dnxcore50
      System.Text.Encoding (>= 4.0) - framework: dnxcore50
      System.Text.Encoding (>= 4.0.10) - framework: dnxcore50
      System.Text.Encoding.Extensions (>= 4.0) - framework: dnxcore50
      System.Threading (>= 4.0) - framework: dnxcore50
      System.Threading.Tasks (>= 4.0) - framework: dnxcore50
    System.Linq (4.0) - framework: dnxcore50
      System.Collections (>= 4.0.10) - framework: dnxcore50
      System.Diagnostics.Debug (>= 4.0.10) - framework: dnxcore50
      System.Resources.ResourceManager (>= 4.0) - framework: dnxcore50
      System.Runtime (>= 4.0.20) - framework: dnxcore50
      System.Runtime.Extensions (>= 4.0.10) - framework: dnxcore50
    System.Linq.Expressions (4.0.10) - framework: dnxcore50
      System.Collections (>= 4.0) - framework: dnxcore50
      System.Diagnostics.Debug (>= 4.0) - framework: dnxcore50
      System.Globalization (>= 4.0) - framework: dnxcore50
      System.IO (>= 4.0) - framework: dnxcore50
      System.Linq (>= 4.0) - framework: dnxcore50
      System.ObjectModel (>= 4.0) - framework: dnxcore50
      System.Reflection (>= 4.0) - framework: dnxcore50
      System.Reflection.Emit (>= 4.0) - framework: dnxcore50
      System.Reflection.Extensions (>= 4.0) - framework: dnxcore50
      System.Reflection.Primitives (>= 4.0) - framework: dnxcore50
      System.Reflection.TypeExtensions (>= 4.0) - framework: dnxcore50
      System.Resources.ResourceManager (>= 4.0) - framework: dnxcore50
      System.Runtime (>= 4.0) - framework: dnxcore50
      System.Runtime (>= 4.0.20) - framework: dnxcore50
      System.Runtime.Extensions (>= 4.0) - framework: dnxcore50
      System.Threading (>= 4.0) - framework: dnxcore50
    System.ObjectModel (4.0.10) - framework: dnxcore50
      System.Collections (>= 4.0.10) - framework: dnxcore50
      System.Diagnostics.Debug (>= 4.0.10) - framework: dnxcore50
      System.Resources.ResourceManager (>= 4.0) - framework: dnxcore50
      System.Runtime (>= 4.0.20) - framework: dnxcore50
      System.Threading (>= 4.0.10) - framework: dnxcore50
    System.Private.Uri (4.0) - framework: dnxcore50
    System.Reflection (4.0.10) - framework: dnxcore50
      System.IO (>= 4.0) - framework: dnxcore50
      System.Reflection.Primitives (>= 4.0) - framework: dnxcore50
      System.Runtime (>= 4.0.20) - framework: dnxcore50
    System.Reflection.Emit (4.0) - framework: dnxcore50
      System.IO (>= 4.0) - framework: dnxcore50
      System.Reflection (>= 4.0) - framework: dnxcore50
      System.Reflection.Emit.ILGeneration (>= 4.0) - framework: dnxcore50
      System.Reflection.Primitives (>= 4.0) - framework: dnxcore50
      System.Runtime (>= 4.0) - framework: dnxcore50
    System.Reflection.Emit.ILGeneration (4.0) - framework: dnxcore50
      System.Reflection (>= 4.0) - framework: dnxcore50
      System.Reflection.Primitives (>= 4.0) - framework: dnxcore50
      System.Runtime (>= 4.0) - framework: dnxcore50
    System.Reflection.Extensions (4.0) - framework: dnxcore50
      System.Diagnostics.Debug (>= 4.0.10) - framework: dnxcore50
      System.Reflection (>= 4.0) - framework: dnxcore50
      System.Reflection (>= 4.0.10) - framework: dnxcore50
      System.Reflection.Primitives (>= 4.0) - framework: dnxcore50
      System.Reflection.TypeExtensions (>= 4.0) - framework: dnxcore50
      System.Resources.ResourceManager (>= 4.0) - framework: dnxcore50
      System.Runtime (>= 4.0) - framework: dnxcore50
      System.Runtime (>= 4.0.20) - framework: dnxcore50
      System.Runtime.Extensions (>= 4.0.10) - framework: dnxcore50
    System.Reflection.Primitives (4.0) - framework: dnxcore50
      System.Runtime (>= 4.0) - framework: dnxcore50
      System.Threading (>= 4.0) - framework: dnxcore50
    System.Reflection.TypeExtensions (4.0) - framework: dnxcore50
      System.Diagnostics.Contracts (>= 4.0) - framework: dnxcore50
      System.Diagnostics.Debug (>= 4.0.10) - framework: dnxcore50
      System.Linq (>= 4.0) - framework: dnxcore50
      System.Reflection (>= 4.0) - framework: dnxcore50
      System.Reflection (>= 4.0.10) - framework: dnxcore50
      System.Reflection.Primitives (>= 4.0) - framework: dnxcore50
      System.Resources.ResourceManager (>= 4.0) - framework: dnxcore50
      System.Runtime (>= 4.0) - framework: dnxcore50
      System.Runtime (>= 4.0.20) - framework: dnxcore50
      System.Runtime.Extensions (>= 4.0.10) - framework: dnxcore50
    System.Resources.ResourceManager (4.0) - framework: dnxcore50
      System.Globalization (>= 4.0) - framework: dnxcore50
      System.Reflection (>= 4.0) - framework: dnxcore50
      System.Reflection (>= 4.0.10) - framework: dnxcore50
      System.Runtime (>= 4.0) - framework: dnxcore50
      System.Runtime (>= 4.0.20) - framework: dnxcore50
    System.Runtime (4.0.20) - framework: dnxcore50
      System.Private.Uri (>= 4.0) - framework: dnxcore50
    System.Runtime.Extensions (4.0.10) - framework: dnxcore50
      System.Runtime (>= 4.0.20) - framework: dnxcore50
    System.Runtime.Handles (4.0) - framework: dnxcore50
      System.Runtime (>= 4.0) - framework: dnxcore50
    System.Runtime.InteropServices (4.0.20) - framework: dnxcore50
      System.Reflection (>= 4.0) - framework: dnxcore50
      System.Reflection.Primitives (>= 4.0) - framework: dnxcore50
      System.Runtime (>= 4.0) - framework: dnxcore50
      System.Runtime.Handles (>= 4.0) - framework: dnxcore50
    System.Text.Encoding (4.0.10) - framework: dnxcore50
      System.Runtime (>= 4.0) - framework: dnxcore50
    System.Text.Encoding.Extensions (4.0.10) - framework: dnxcore50
      System.Runtime (>= 4.0) - framework: dnxcore50
      System.Text.Encoding (>= 4.0.10) - framework: dnxcore50
    System.Text.RegularExpressions (4.0.10) - framework: dnxcore50
      System.Collections (>= 4.0.10) - framework: dnxcore50
      System.Globalization (>= 4.0.10) - framework: dnxcore50
      System.Resources.ResourceManager (>= 4.0) - framework: dnxcore50
      System.Runtime (>= 4.0.20) - framework: dnxcore50
      System.Runtime.Extensions (>= 4.0.10) - framework: dnxcore50
      System.Threading (>= 4.0.10) - framework: dnxcore50
    System.Threading (4.0.10) - framework: dnxcore50
      System.Runtime (>= 4.0) - framework: dnxcore50
      System.Threading.Tasks (>= 4.0) - framework: dnxcore50
    System.Threading.Tasks (4.0.10) - framework: dnxcore50
      System.Runtime (>= 4.0) - framework: dnxcore50
    UnionArgParser (0.9)
    Unquote (3.1.1)
    xunit (2.1)
      xunit.assert (2.1)
      xunit.core (2.1)
    xunit.abstractions (2.0) - framework: >= net45, dnx451, dnxcore50, monoandroid, monotouch, portable-net45+win80+wp80+wpa81, xamarinios, winv4.5, wpv8.0, wpav8.1
    xunit.assert (2.1)
      System.Collections (>= 4.0) - framework: dnxcore50
      System.Diagnostics.Debug (>= 4.0) - framework: dnxcore50
      System.Globalization (>= 4.0) - framework: dnxcore50
      System.Linq (>= 4.0) - framework: dnxcore50
      System.ObjectModel (>= 4.0) - framework: dnxcore50
      System.Reflection (>= 4.0) - framework: dnxcore50
      System.Reflection.Extensions (>= 4.0) - framework: dnxcore50
      System.Runtime (>= 4.0) - framework: dnxcore50
      System.Runtime.Extensions (>= 4.0) - framework: dnxcore50
      System.Text.RegularExpressions (>= 4.0) - framework: dnxcore50
      System.Threading.Tasks (>= 4.0) - framework: dnxcore50
    xunit.core (2.1)
      System.Collections (>= 4.0) - framework: dnxcore50
      System.Diagnostics.Debug (>= 4.0) - framework: dnxcore50
      System.Globalization (>= 4.0) - framework: dnxcore50
      System.Linq (>= 4.0) - framework: dnxcore50
      System.Reflection (>= 4.0) - framework: dnxcore50
      System.Reflection.Extensions (>= 4.0) - framework: dnxcore50
      System.Runtime (>= 4.0) - framework: dnxcore50
      System.Runtime.Extensions (>= 4.0) - framework: dnxcore50
      System.Threading.Tasks (>= 4.0) - framework: dnxcore50
      xunit.abstractions (>= 2.0) - framework: dnxcore50
      xunit.extensibility.core (2.1) - framework: >= net45, dnx451, dnxcore50, monoandroid, monotouch, portable-net45+win80+wp80+wpa81, xamarinios, winv4.5, wpv8.0, wpav8.1
      xunit.extensibility.execution (2.1) - framework: >= net45, dnx451, dnxcore50, monoandroid, monotouch, portable-net45+win80+wp80+wpa81, xamarinios, winv4.5, wpv8.0, wpav8.1
    xunit.extensibility.core (2.1) - framework: >= net45, dnx451, dnxcore50, monoandroid, monotouch, portable-net45+win80+wp80+wpa81, xamarinios, winv4.5, wpv8.0, wpav8.1
      xunit.abstractions (2.0)
    xunit.extensibility.execution (2.1) - framework: >= net45, dnx451, dnxcore50, monoandroid, monotouch, portable-net45+win80+wp80+wpa81, xamarinios, winv4.5, wpv8.0, wpav8.1
      System.Collections (>= 4.0) - framework: dnxcore50
      System.Diagnostics.Debug (>= 4.0) - framework: dnxcore50
      System.Globalization (>= 4.0) - framework: dnxcore50
      System.IO (>= 4.0) - framework: dnxcore50
      System.Linq (>= 4.0) - framework: dnxcore50
      System.Linq.Expressions (>= 4.0) - framework: dnxcore50
      System.Reflection (>= 4.0) - framework: dnxcore50
      System.Reflection.Extensions (>= 4.0) - framework: dnxcore50
      System.Runtime (>= 4.0) - framework: dnxcore50
      System.Runtime.Extensions (>= 4.0) - framework: dnxcore50
      System.Text.Encoding (>= 4.0) - framework: dnxcore50
      System.Threading (>= 4.0) - framework: dnxcore50
      System.Threading.Tasks (>= 4.0) - framework: dnxcore50
      xunit.abstractions (>= 2.0) - framework: dnxcore50
      xunit.extensibility.core (2.1) - framework: >= net45, dnx451, dnxcore50, monoandroid, monotouch, xamarinios, winv4.5, wpv8.0, wpav8.1
    xunit.runner.console (2.1)
    xunit.runner.visualstudio (2.1)
    Zlib.Portable (1.11) - framework: >= net45, portable-net45+sl5+win8, portable-net45+win8, portable-net45+win8+wp8+wpa81
GITHUB
  remote: fsharp/FAKE
  specs:
    modules/Octokit/Octokit.fsx (8c077f35f8cd0350485109ddd1810dafe9885d1a)
      Octokit