NUGET
  remote: https://nuget.org/api/v2
  specs:
    FAKE (3.31.4)
    FSharp.Actor-logary (3.1.0)
      FSharp.Core (>= 3.1.2.1)
    FSharp.Compiler.Service (0.0.89)
    FSharp.Core (3.1.2.1)
    FSharp.Formatting (2.9.6)
      FSharp.Compiler.Service (>= 0.0.87)
      FSharpVSPowerTools.Core (1.8.0)
    FSharp.Management (0.2.0)
    FSharpVSPowerTools.Core (1.8.0)
      FSharp.Compiler.Service (>= 0.0.87)
    Logary (3.1.0)
      FSharp.Actor-logary (>= 3.1.0)
      FSharp.Core (>= 3.1.2.1)
      Newtonsoft.Json (>= 6.0.8)
      Newtonsoft.Json.FSharp (>= 3.1.2)
      NodaTime (>= 1.3.0)
      NodaTime.Serialization.JsonNet (>= 1.3.0)
    Microsoft.Bcl (1.1.10)
      Microsoft.Bcl.Build (>= 1.0.14)
    Microsoft.Bcl.Build (1.0.21)
    Microsoft.Net.Http (2.2.29)
      Microsoft.Bcl (>= 1.1.10)
      Microsoft.Bcl.Build (>= 1.0.14)
    Newtonsoft.Json (6.0.8)
    Newtonsoft.Json.FSharp (3.2.2)
      FSharp.Core (>= 3.1.2.1)
      Newtonsoft.Json (>= 6.0.8)
      NodaTime (>= 1.3.0)
    NodaTime (1.3.1)
    NodaTime.Serialization.JsonNet (1.3.1)
      Newtonsoft.Json (>= 4.5.11)
      NodaTime (>= 1.3.0)
    NUnit (2.6.4)
    NUnit.Runners (2.6.4)
    Octokit (0.11.0)
      Microsoft.Net.Http
    SourceLink.Fake (0.5.0)
GITHUB
  remote: fsharp/FAKE
  specs:
    modules/Octokit/Octokit.fsx (ac46f8ba9cc11bb6e8d02197720697c9e258c0d3)
      Octokit